GIT
  remote: git://github.com/colibri-software/locomotive_plugins.git
  revision: 004794c7aefe902834aceba2e8f0e3ffda72f702
  specs:
    locomotive_plugins (1.0.1)
      bson_ext
      haml (~> 4.0)
      locomotive_liquid (~> 2.4)
      mongoid (~> 3.1.5)

GEM
  remote: http://rubygems.org/
  specs:
    activemodel (3.2.19)
      activesupport (= 3.2.19)
      builder (~> 3.0.0)
    activesupport (3.2.19)
      i18n (~> 0.6, >= 0.6.4)
      multi_json (~> 1.0)
    bson (1.10.2)
    bson_ext (1.10.2)
      bson (~> 1.10.2)
    builder (3.0.4)
    haml (4.0.5)
      tilt
    i18n (0.6.11)
    locomotive_liquid (2.4.2)
    mongoid (3.1.6)
      activemodel (~> 3.2)
      moped (~> 1.4)
      origin (~> 1.0)
      tzinfo (~> 0.3.29)
    moped (1.5.2)
    multi_json (1.10.1)
    origin (1.1.0)
    tilt (2.0.1)
    tzinfo (0.3.40)

PLATFORMS
  ruby

DEPENDENCIES
  locomotive_plugins!
